PATH
  remote: .
  specs:
    upyun-rb (0.0.8)
      faraday

GEM
  remote: http://rubygems.org/
  specs:
    faraday (0.8.8)
      multipart-post (~> 1.2.0)
    multipart-post (1.2.0)

PLATFORMS
  ruby

DEPENDENCIES
  bundler
  upyun-rb!
