PATH
  remote: .
  specs:
    upyun-rb (0.0.18)
      connection_pool
      faraday

GEM
  remote: http://rubygems.org/
  specs:
    connection_pool (2.2.0)
    faraday (0.9.1)
      multipart-post (>= 1.2, < 3)
    multipart-post (2.0.0)

PLATFORMS
  ruby

DEPENDENCIES
  bundler
  upyun-rb!
